PATH
  remote: .
  specs:
    mu-auth-sudo (0.2.0)
      sparql-client (~> 3.1)

GEM
  remote: https://rubygems.org/
  specs:
    connection_pool (2.3.0)
    link_header (0.0.8)
    net-http-persistent (4.0.1)
      connection_pool (~> 2.2)
    rake (13.0.1)
    rdf (3.2.9)
      link_header (~> 0.0, >= 0.0.8)
    sparql-client (3.1.2)
      net-http-persistent (~> 4.0, >= 4.0.1)
      rdf (~> 3.1)

PLATFORMS
  ruby

DEPENDENCIES
  bundler (~> 2.1)
  mu-auth-sudo!
  rake (~> 13.0)

BUNDLED WITH
   2.1.4
