PATH
  remote: .
  specs:
    mu-auth-sudo (0.4.0)
      nokogiri (~> 1.5)
      sparql-client (~> 3.1)

GEM
  remote: https://rubygems.org/
  specs:
    bcp47_spec (0.2.1)
    connection_pool (2.4.1)
    link_header (0.0.8)
    net-http-persistent (4.0.2)
      connection_pool (~> 2.2)
    nokogiri (1.16.3-x86_64-linux)
      racc (~> 1.4)
    racc (1.7.3)
    rake (13.0.1)
    rdf (3.3.1)
      bcp47_spec (~> 0.2)
      link_header (~> 0.0, >= 0.0.8)
    sparql-client (3.3.0)
      net-http-persistent (~> 4.0, >= 4.0.2)
      rdf (~> 3.3)

PLATFORMS
  x86_64-linux

DEPENDENCIES
  bundler (~> 2.1)
  mu-auth-sudo!
  rake (~> 13.0)

BUNDLED WITH
   2.1.4
