PATH
  remote: .
  specs:
    mu-auth-sudo (0.1.0)
      sparql-client (~> 3.0.1)

GEM
  remote: https://rubygems.org/
  specs:
    concurrent-ruby (1.1.5)
    connection_pool (2.2.2)
    hamster (3.0.0)
      concurrent-ruby (~> 1.0)
    link_header (0.0.8)
    net-http-persistent (3.1.0)
      connection_pool (~> 2.2)
    rake (10.5.0)
    rdf (3.0.13)
      hamster (~> 3.0)
      link_header (~> 0.0, >= 0.0.8)
    sparql-client (3.0.1)
      net-http-persistent (>= 2.9, < 4)
      rdf (~> 3.0)

PLATFORMS
  ruby

DEPENDENCIES
  bundler (~> 1.16)
  mu-auth-sudo!
  rake (~> 10.0)

BUNDLED WITH
   1.16.1
